PATH
  remote: .
  specs:
    anjea_backup (0.1.0)

GEM
  remote: https://rubygems.org/
  specs:
    rake (10.3.2)

PLATFORMS
  ruby

DEPENDENCIES
  anjea_backup!
  bundler (~> 1.6)
  rake
